RESTRICTION: >= net45

GROUP build
RESTRICTION: >= net45
NUGET
  remote: https://www.nuget.org/api/v2
    BenchmarkDotNet (0.10.6)
      BenchmarkDotNet.Core (>= 0.10.6) - restriction: || (&& (>= net45) (>= netcore11)) (>= net46)
      BenchmarkDotNet.Toolchains.Roslyn (>= 0.10.6) - restriction: >= net46
    BenchmarkDotNet.Core (0.10.6) - restriction: || (&& (>= net45) (>= netcore11)) (>= net46) (&& (>= net46) (>= netcore11))
      Microsoft.DotNet.InternalAbstractions (>= 1.0) - restriction: || (&& (>= net45) (>= netcore11)) (>= net46)
      Microsoft.DotNet.PlatformAbstractions (>= 1.1.1) - restriction: || (&& (>= net45) (>= netcore11)) (>= net46)
      System.Threading.Tasks.Extensions (>= 4.3) - restriction: >= net46
      System.ValueTuple (>= 4.3) - restriction: || (&& (>= net45) (>= netcore11)) (>= net46)
    BenchmarkDotNet.Toolchains.Roslyn (0.10.6) - restriction: >= net46
      BenchmarkDotNet.Core (>= 0.10.6) - restriction: >= net46
      Microsoft.CodeAnalysis.CSharp (>= 2.0) - restriction: >= net46
      System.Threading.Tasks (>= 4.3) - restriction: >= net46
    CsvHelper (2.16.3)
    Deedle (1.2.5)
    Deedle.RPlugin (1.2.5)
      Deedle (>= 1.2.5)
      R.NET.Community (>= 1.6.4)
      R.NET.Community.FSharp (>= 1.6.4)
      RProvider (>= 1.1.13)
    DynamicInterop (0.7.4)
    FAKE (4.61.3)
    FSharp.Charting (0.90.14)
    FSharp.Compiler.Service (2.0.0.6)
    FSharp.Core (4.1.17)
      System.Collections (>= 4.0.11) - restriction: && (>= net45) (>= netstandard16)
      System.Console (>= 4.0) - restriction: && (>= net45) (>= netstandard16)
      System.Diagnostics.Debug (>= 4.0.11) - restriction: && (>= net45) (>= netstandard16)
      System.Diagnostics.Tools (>= 4.0.1) - restriction: && (>= net45) (>= netstandard16)
      System.Globalization (>= 4.0.11) - restriction: && (>= net45) (>= netstandard16)
      System.IO (>= 4.1) - restriction: && (>= net45) (>= netstandard16)
      System.Linq (>= 4.1) - restriction: && (>= net45) (>= netstandard16)
      System.Linq.Expressions (>= 4.1) - restriction: && (>= net45) (>= netstandard16)
      System.Linq.Queryable (>= 4.0.1) - restriction: && (>= net45) (>= netstandard16)
      System.Net.Requests (>= 4.0.11) - restriction: && (>= net45) (>= netstandard16)
      System.Reflection (>= 4.1) - restriction: && (>= net45) (>= netstandard16)
      System.Reflection.Extensions (>= 4.0.1) - restriction: && (>= net45) (>= netstandard16)
      System.Resources.ResourceManager (>= 4.0.1) - restriction: && (>= net45) (>= netstandard16)
      System.Runtime (>= 4.1) - restriction: && (>= net45) (>= netstandard16)
      System.Runtime.Extensions (>= 4.1) - restriction: && (>= net45) (>= netstandard16)
      System.Runtime.Numerics (>= 4.0.1) - restriction: && (>= net45) (>= netstandard16)
      System.Text.RegularExpressions (>= 4.1) - restriction: && (>= net45) (>= netstandard16)
      System.Threading (>= 4.0.11) - restriction: && (>= net45) (>= netstandard16)
      System.Threading.Tasks (>= 4.0.11) - restriction: && (>= net45) (>= netstandard16)
      System.Threading.Tasks.Parallel (>= 4.0.1) - restriction: && (>= net45) (>= netstandard16)
      System.Threading.Thread (>= 4.0) - restriction: && (>= net45) (>= netstandard16)
      System.Threading.ThreadPool (>= 4.0.10) - restriction: && (>= net45) (>= netstandard16)
      System.Threading.Timer (>= 4.0.1) - restriction: && (>= net45) (>= netstandard16)
      System.ValueTuple (>= 4.3) - restriction: && (>= net45) (< netstandard16)
    FSharp.Data (2.3.2)
    FSharp.Formatting (2.14.4)
      FSharp.Compiler.Service (2.0.0.6)
      FSharpVSPowerTools.Core (>= 2.3 < 2.4)
    FSharpVSPowerTools.Core (2.3)
      FSharp.Compiler.Service (>= 2.0.0.3)
    FsLab (1.0.2)
      Deedle (1.2.5)
      Deedle.RPlugin (1.2.5)
      DynamicInterop (0.7.4)
      FSharp.Charting (0.90.14)
      FSharp.Data (2.3.2)
      Google.DataTable.Net.Wrapper (3.1.2)
      MathNet.Numerics (3.13.1)
      MathNet.Numerics.FSharp (3.13.1)
      Newtonsoft.Json (9.0.1)
      R.NET.Community (1.6.5)
      R.NET.Community.FSharp (1.6.5)
      RProvider (1.1.20)
      Suave (1.1.3)
      XPlot.GoogleCharts (1.4.2)
      XPlot.GoogleCharts.Deedle (1.4.2)
      XPlot.Plotly (1.4.2)
    Google.DataTable.Net.Wrapper (3.1.2)
    MarkdownLog (0.9.3)
    MathNet.Numerics (3.13.1)
    MathNet.Numerics.FSharp (3.13.1)
      FSharp.Core (>= 3.1.2.5)
      MathNet.Numerics (3.13.1)
    Microsoft.CodeAnalysis.Analyzers (1.1) - restriction: >= net46
    Microsoft.CodeAnalysis.Common (2.2) - restriction: >= net46
      Microsoft.CodeAnalysis.Analyzers (>= 1.1) - restriction: && (>= net45) (>= netstandard13)
      System.AppContext (>= 4.3) - restriction: && (>= net45) (>= netstandard13)
      System.Collections (>= 4.3) - restriction: && (>= net45) (>= netstandard13)
      System.Collections.Concurrent (>= 4.3) - restriction: && (>= net45) (>= netstandard13)
      System.Collections.Immutable (>= 1.3.1) - restriction: && (>= net45) (>= netstandard13)
      System.Console (>= 4.3) - restriction: && (>= net45) (>= netstandard13)
      System.Diagnostics.Debug (>= 4.3) - restriction: && (>= net45) (>= netstandard13)
      System.Diagnostics.FileVersionInfo (>= 4.3) - restriction: && (>= net45) (>= netstandard13)
      System.Diagnostics.StackTrace (>= 4.3) - restriction: && (>= net45) (>= netstandard13)
      System.Diagnostics.Tools (>= 4.3) - restriction: && (>= net45) (>= netstandard13)
      System.Dynamic.Runtime (>= 4.3) - restriction: && (>= net45) (>= netstandard13)
      System.Globalization (>= 4.3) - restriction: && (>= net45) (>= netstandard13)
      System.IO.Compression (>= 4.3) - restriction: && (>= net45) (>= netstandard13)
      System.IO.FileSystem (>= 4.3) - restriction: && (>= net45) (>= netstandard13)
      System.IO.FileSystem.Primitives (>= 4.3) - restriction: && (>= net45) (>= netstandard13)
      System.Linq (>= 4.3) - restriction: && (>= net45) (>= netstandard13)
      System.Linq.Expressions (>= 4.3) - restriction: && (>= net45) (>= netstandard13)
      System.Reflection (>= 4.3) - restriction: && (>= net45) (>= netstandard13)
      System.Reflection.Metadata (>= 1.4.2) - restriction: && (>= net45) (>= netstandard13)
      System.Resources.ResourceManager (>= 4.3) - restriction: && (>= net45) (>= netstandard13)
      System.Runtime (>= 4.3) - restriction: && (>= net45) (>= netstandard13)
      System.Runtime.Extensions (>= 4.3) - restriction: && (>= net45) (>= netstandard13)
      System.Runtime.InteropServices (>= 4.3) - restriction: && (>= net45) (>= netstandard13)
      System.Runtime.Numerics (>= 4.3) - restriction: && (>= net45) (>= netstandard13)
      System.Security.Cryptography.Algorithms (>= 4.3) - restriction: && (>= net45) (>= netstandard13)
      System.Security.Cryptography.Encoding (>= 4.3) - restriction: && (>= net45) (>= netstandard13)
      System.Security.Cryptography.X509Certificates (>= 4.3) - restriction: && (>= net45) (>= netstandard13)
      System.Text.Encoding (>= 4.3) - restriction: && (>= net45) (>= netstandard13)
      System.Text.Encoding.CodePages (>= 4.3) - restriction: && (>= net45) (>= netstandard13)
      System.Text.Encoding.Extensions (>= 4.3) - restriction: && (>= net45) (>= netstandard13)
      System.Threading (>= 4.3) - restriction: && (>= net45) (>= netstandard13)
      System.Threading.Tasks (>= 4.3) - restriction: && (>= net45) (>= netstandard13)
      System.Threading.Tasks.Parallel (>= 4.3) - restriction: && (>= net45) (>= netstandard13)
      System.Threading.Thread (>= 4.3) - restriction: && (>= net45) (>= netstandard13)
      System.ValueTuple (>= 4.3) - restriction: && (>= net45) (>= netstandard13)
      System.Xml.ReaderWriter (>= 4.3) - restriction: && (>= net45) (>= netstandard13)
      System.Xml.XDocument (>= 4.3) - restriction: && (>= net45) (>= netstandard13)
      System.Xml.XmlDocument (>= 4.3) - restriction: && (>= net45) (>= netstandard13)
      System.Xml.XPath.XDocument (>= 4.3) - restriction: && (>= net45) (>= netstandard13)
    Microsoft.CodeAnalysis.CSharp (2.2) - restriction: >= net46
      Microsoft.CodeAnalysis.Common (2.2)
    Microsoft.DotNet.InternalAbstractions (1.0) - restriction: || (&& (>= net45) (>= netcore11)) (>= net46)
    Microsoft.DotNet.PlatformAbstractions (1.1.2) - restriction: || (&& (>= net45) (>= netcore11)) (>= net46)
    Newtonsoft.Json (9.0.1)
    R.NET.Community (1.6.5)
      DynamicInterop (0.7.4)
    R.NET.Community.FSharp (1.6.5)
      R.NET.Community (>= 1.6.5)
    RProvider (1.1.20)
      DynamicInterop (0.7.4)
      R.NET.Community (1.6.5)
      R.NET.Community.FSharp (1.6.5)
    Suave (1.1.3)
      FSharp.Core (>= 3.1.2.5)
    System.AppContext (4.3) - restriction: >= net46
    System.Collections (4.3) - restriction: || (&& (>= net45) (>= netstandard16)) (>= net46) (&& (>= net46) (>= netstandard16))
    System.Collections.Concurrent (4.3) - restriction: >= net46
    System.Collections.Immutable (1.3.1) - restriction: >= net46
    System.Console (4.3) - restriction: || (&& (>= net45) (>= netstandard16)) (>= net46) (&& (>= net46) (>= netstandard16))
    System.Diagnostics.Debug (4.3) - restriction: || (&& (>= net45) (>= netstandard16)) (>= net46) (&& (>= net46) (>= netstandard16))
    System.Diagnostics.FileVersionInfo (4.3) - restriction: >= net46
    System.Diagnostics.StackTrace (4.3) - restriction: >= net46
    System.Diagnostics.Tools (4.3) - restriction: || (&& (>= net45) (>= netstandard16)) (>= net46) (&& (>= net46) (>= netstandard16))
    System.Dynamic.Runtime (4.3) - restriction: >= net46
    System.Globalization (4.3) - restriction: || (&& (>= net45) (>= netstandard16)) (>= net46) (&& (>= net46) (>= netstandard16))
    System.IO (4.3) - restriction: || (&& (>= net45) (>= netstandard16)) (&& (>= net46) (>= dnxcore50)) (&& (>= net46) (>= dnxcore50) (>= netstandard16)) (>= net463)
    System.IO.Compression (4.3) - restriction: >= net46
    System.IO.FileSystem (4.3) - restriction: >= net46
      System.IO.FileSystem.Primitives (>= 4.3) - restriction: && (>= net45) (>= netstandard13)
    System.IO.FileSystem.Primitives (4.3) - restriction: >= net46
    System.Linq (4.3) - restriction: || (&& (>= net45) (>= netstandard16)) (>= net46) (&& (>= net46) (>= netstandard16))
    System.Linq.Expressions (4.3) - restriction: || (&& (>= net45) (>= netstandard16)) (>= net46) (&& (>= net46) (>= netstandard16))
    System.Linq.Queryable (4.3) - restriction: && (>= net45) (>= netstandard16)
    System.Net.Requests (4.3) - restriction: && (>= net45) (>= netstandard16)
    System.Reflection (4.3) - restriction: || (&& (>= net45) (>= netstandard16)) (>= net46) (&& (>= net46) (>= netstandard16))
    System.Reflection.Extensions (4.3) - restriction: && (>= net45) (>= netstandard16)
    System.Reflection.Metadata (1.4.2) - restriction: >= net46
      System.Collections.Immutable (>= 1.3.1)
    System.Resources.ResourceManager (4.3) - restriction: || (&& (>= net45) (>= netstandard16)) (>= net46) (&& (>= net46) (>= netstandard16))
    System.Runtime (4.3) - restriction: || (&& (>= net45) (>= netstandard16)) (>= net46) (&& (>= net46) (>= netstandard16))
    System.Runtime.Extensions (4.3) - restriction: || (&& (>= net45) (>= netstandard16)) (>= net46) (&& (>= net46) (>= netstandard16))
    System.Runtime.InteropServices (4.3) - restriction: >= net46
      System.Runtime (>= 4.3) - restriction: || (&& (>= net45) (>= dnxcore50)) (&& (>= net45) (>= netcore11)) (>= net462)
    System.Runtime.Numerics (4.3) - restriction: || (&& (>= net45) (>= netstandard16)) (>= net46) (&& (>= net46) (>= netstandard16))
    System.Security.Cryptography.Algorithms (4.3) - restriction: >= net46
      System.IO (>= 4.3) - restriction: || (&& (>= net45) (< net46) (>= netstandard13) (< netstandard14)) (&& (>= net45) (< net46) (>= netstandard14) (< netstandard16)) (&& (>= net45) (< net46) (>= netstandard16)) (&& (>= net45) (>= dnxcore50)) (>= net463)
      System.Runtime (>= 4.3) - restriction: || (&& (>= net45) (< net46) (>= netstandard13) (< netstandard14)) (&& (>= net45) (< net46) (>= netstandard14) (< netstandard16)) (&& (>= net45) (< net46) (>= netstandard16)) (&& (>= net45) (>= dnxcore50)) (>= net463)
      System.Security.Cryptography.Encoding (>= 4.3) - restriction: || (&& (>= net45) (< net46) (>= netstandard16)) (&& (>= net45) (>= dnxcore50)) (>= net463)
      System.Security.Cryptography.Primitives (>= 4.3) - restriction: || (&& (>= net45) (< net46) (>= netstandard13) (< netstandard14)) (&& (>= net45) (< net46) (>= netstandard14) (< netstandard16)) (&& (>= net45) (< net46) (>= netstandard16)) (&& (>= net45) (>= dnxcore50)) (&& (>= net46) (< netstandard14)) (>= net461)
    System.Security.Cryptography.Encoding (4.3) - restriction: >= net46
    System.Security.Cryptography.Primitives (4.3) - restriction: || (&& (>= net46) (>= dnxcore50)) (&& (>= net46) (< netstandard14)) (>= net461) (&& (>= net461) (>= dnxcore50)) (&& (>= net461) (< netstandard14))
    System.Security.Cryptography.X509Certificates (4.3) - restriction: >= net46
      System.Security.Cryptography.Algorithms (>= 4.3) - restriction: || (&& (>= net45) (< net46) (>= netstandard13) (< netstandard14)) (&& (>= net45) (< net46) (>= netstandard14) (< netstandard16)) (&& (>= net45) (< net46) (>= netstandard16)) (&& (>= net45) (>= dnxcore50)) (&& (>= net46) (< netstandard14)) (>= net461)
      System.Security.Cryptography.Encoding (>= 4.3) - restriction: || (&& (>= net45) (< net46) (>= netstandard13) (< netstandard14)) (&& (>= net45) (< net46) (>= netstandard14) (< netstandard16)) (&& (>= net45) (< net46) (>= netstandard16)) (&& (>= net45) (>= dnxcore50)) (&& (>= net46) (< netstandard14)) (>= net461)
    System.Text.Encoding (4.3) - restriction: >= net46
    System.Text.Encoding.CodePages (4.3) - restriction: >= net46
    System.Text.Encoding.Extensions (4.3) - restriction: >= net46
    System.Text.RegularExpressions (4.3) - restriction: && (>= net45) (>= netstandard16)
    System.Threading (4.3) - restriction: || (&& (>= net45) (>= netstandard16)) (>= net46) (&& (>= net46) (>= netstandard16))
    System.Threading.Tasks (4.3) - restriction: || (&& (>= net45) (>= netstandard16)) (>= net46) (&& (>= net46) (>= netstandard16))
    System.Threading.Tasks.Extensions (4.3) - restriction: >= net46
    System.Threading.Tasks.Parallel (4.3) - restriction: || (&& (>= net45) (>= netstandard16)) (>= net46) (&& (>= net46) (>= netstandard16))
    System.Threading.Thread (4.3) - restriction: || (&& (>= net45) (>= netstandard16)) (>= net46) (&& (>= net46) (>= netstandard16))
    System.Threading.ThreadPool (4.3) - restriction: && (>= net45) (>= netstandard16)
    System.Threading.Timer (4.3) - restriction: && (>= net45) (>= netstandard16)
    System.ValueTuple (4.3.1)
    System.Xml.ReaderWriter (4.3) - restriction: >= net46
    System.Xml.XDocument (4.3) - restriction: >= net46
    System.Xml.XmlDocument (4.3) - restriction: >= net46
    System.Xml.XPath (4.3) - restriction: >= net46
    System.Xml.XPath.XDocument (4.3) - restriction: >= net46
      System.Xml.XPath (>= 4.3) - restriction: && (>= net45) (>= netstandard13)
    XPlot.GoogleCharts (1.4.2)
      Google.DataTable.Net.Wrapper (3.1.2)
      Newtonsoft.Json (9.0.1)
    XPlot.GoogleCharts.Deedle (1.4.2)
      Deedle (1.2.5)
      XPlot.GoogleCharts (1.4.2)
    XPlot.Plotly (1.4.2)
      Newtonsoft.Json (9.0.1)
